PATH
  remote: .
  specs:
    kube_deploy_tools (1.0.43)
      colorize (~> 0.8)

GEM
  remote: https://rubygems.***REMOVED***/
  specs:
    colorize (0.8.1)
    diff-lcs (1.3)
    rake (12.3.0)
    rspec (3.7.0)
      rspec-core (~> 3.7.0)
      rspec-expectations (~> 3.7.0)
      rspec-mocks (~> 3.7.0)
    rspec-core (3.7.0)
      rspec-support (~> 3.7.0)
    rspec-expectations (3.7.0)
      diff-lcs (>= 1.2.0, < 2.0)
      rspec-support (~> 3.7.0)
    rspec-mocks (3.7.0)
      diff-lcs (>= 1.2.0, < 2.0)
      rspec-support (~> 3.7.0)
    rspec-support (3.7.0)
    rubygems-tasks (0.2.4)

PLATFORMS
  ruby

DEPENDENCIES
  kube_deploy_tools!
  rake (~> 12.0)
  rspec (~> 3.0)
  rubygems-tasks (~> 0.2)

BUNDLED WITH
   1.16.0
