PATH
  remote: .
  specs:
    kube_deploy_tools (1.0.27)

GEM
  remote: https://gemserver.***REMOVED***/
  remote: https://rubygems.***REMOVED***/
  specs:
    builder (3.2.3)
    diff-lcs (1.3)
    faraday (0.13.1)
      multipart-post (>= 1.2, < 3)
    geminabox (0.13.9)
      builder
      faraday
      httpclient (>= 2.2.7)
      nesty
      reentrant_flock
      sinatra (>= 1.2.7)
    httpclient (2.8.3)
    json (2.1.0)
    liveramp_jenkins_tools (2.0.0)
      geminabox
      json
      rake
    multipart-post (2.0.0)
    mustermann (1.0.1)
    nesty (1.0.2)
    rack (2.0.3)
    rack-protection (2.0.0)
      rack
    rake (12.2.1)
    reentrant_flock (0.1.0)
    rspec (3.7.0)
      rspec-core (~> 3.7.0)
      rspec-expectations (~> 3.7.0)
      rspec-mocks (~> 3.7.0)
    rspec-core (3.7.0)
      rspec-support (~> 3.7.0)
    rspec-expectations (3.7.0)
      diff-lcs (>= 1.2.0, < 2.0)
      rspec-support (~> 3.7.0)
    rspec-mocks (3.7.0)
      diff-lcs (>= 1.2.0, < 2.0)
      rspec-support (~> 3.7.0)
    rspec-support (3.7.0)
    sinatra (2.0.0)
      mustermann (~> 1.0)
      rack (~> 2.0)
      rack-protection (= 2.0.0)
      tilt (~> 2.0)
    tilt (2.0.8)

PLATFORMS
  ruby

DEPENDENCIES
  kube_deploy_tools!
  liveramp_jenkins_tools (~> 2.0)
  rake (~> 12.0)!
  rspec (~> 3.0)!

BUNDLED WITH
   1.16.0
